GIT
  remote: git@github.com:tengine/tengine_event.git
  revision: 20ac37984b54f280a2073a722ad0c3641a2b75ac
  branch: develop
  specs:
    tengine_event (0.2.5)
      activesupport (>= 3.0.0)
      amqp (~> 0.8.0)
      uuid (~> 2.3.4)

GEM
  remote: http://rubygems.org/
  specs:
    ZenTest (4.6.2)
    activemodel (3.1.0)
      activesupport (= 3.1.0)
      bcrypt-ruby (~> 3.0.0)
      builder (~> 3.0.0)
      i18n (~> 0.6)
    activesupport (3.1.0)
      multi_json (~> 1.0)
    amq-client (0.8.3)
      amq-protocol (>= 0.8.0)
      eventmachine
    amq-protocol (0.8.1)
    amqp (0.8.0)
      amq-client (~> 0.8.3)
      amq-protocol (~> 0.8.0)
      eventmachine
    bcrypt-ruby (3.0.1)
    bson (1.3.1)
    bson_ext (1.3.1)
    builder (3.0.0)
    ci_reporter (1.6.5)
      builder (>= 2.1.2)
    daemons (1.1.4)
    diff-lcs (1.1.3)
    eventmachine (0.12.10)
    factory_girl (2.1.2)
      activesupport
    git (1.2.5)
    i18n (0.6.0)
    jeweler (1.6.4)
      bundler (~> 1.0)
      git (>= 1.2.5)
      rake
    macaddr (1.4.0)
      systemu (~> 2.2.0)
    mongo (1.3.1)
      bson (>= 1.3.1)
    mongoid (2.2.1)
      activemodel (~> 3.0)
      mongo (>= 1.3, < 1.4)
      tzinfo (~> 0.3.22)
    multi_json (1.0.3)
    rake (0.9.2)
    rspec (2.6.0)
      rspec-core (~> 2.6.0)
      rspec-expectations (~> 2.6.0)
      rspec-mocks (~> 2.6.0)
    rspec-core (2.6.4)
    rspec-expectations (2.6.0)
      diff-lcs (~> 1.1.2)
    rspec-mocks (2.6.0)
    selectable_attr (0.3.14)
    simplecov (0.5.3)
      multi_json (~> 1.0.3)
      simplecov-html (~> 0.5.3)
    simplecov-html (0.5.3)
    systemu (2.2.0)
    tzinfo (0.3.30)
    uuid (2.3.4)
      macaddr (~> 1.0)
    yard (0.7.2)

PLATFORMS
  ruby

DEPENDENCIES
  ZenTest (~> 4.6.2)
  activemodel (~> 3.1.0)
  activesupport (~> 3.1.0)
  bson (~> 1.3.1)
  bson_ext (~> 1.3.1)
  bundler (~> 1.0.18)
  ci_reporter (~> 1.6.5)
  daemons (~> 1.1.4)
  factory_girl (~> 2.1.2)
  jeweler (~> 1.6.4)
  mongo (~> 1.3.1)
  mongoid (~> 2.2.1)
  rspec (~> 2.6.0)
  selectable_attr (~> 0.3.14)
  simplecov (~> 0.5.3)
  tengine_event (~> 0.2.4)!
  yard (~> 0.7.2)
