GEM
  remote: http://rubygems.org/
  specs:
    ZenTest (4.6.2)
    actionpack (3.1.0)
      activemodel (= 3.1.0)
      activesupport (= 3.1.0)
      builder (~> 3.0.0)
      erubis (~> 2.7.0)
      i18n (~> 0.6)
      rack (~> 1.3.2)
      rack-cache (~> 1.0.3)
      rack-mount (~> 0.8.2)
      rack-test (~> 0.6.1)
      sprockets (~> 2.0.0)
    activemodel (3.1.0)
      activesupport (= 3.1.0)
      bcrypt-ruby (~> 3.0.0)
      builder (~> 3.0.0)
      i18n (~> 0.6)
    activerecord (3.1.0)
      activemodel (= 3.1.0)
      activesupport (= 3.1.0)
      arel (~> 2.2.1)
      tzinfo (~> 0.3.29)
    activesupport (3.1.0)
      multi_json (~> 1.0)
    amq-client (0.8.3)
      amq-protocol (>= 0.8.0)
      eventmachine
    amq-protocol (0.8.1)
    amqp (0.8.0)
      amq-client (~> 0.8.3)
      amq-protocol (~> 0.8.0)
      eventmachine
    arel (2.2.1)
    bcrypt-ruby (3.0.1)
    bson (1.3.1)
    bson_ext (1.3.1)
    builder (3.0.0)
    daemons (1.1.4)
    diff-lcs (1.1.3)
    erubis (2.7.0)
    eventmachine (0.12.10)
    factory_girl (2.1.0)
    git (1.2.5)
    hike (1.2.1)
    i18n (0.6.0)
    jeweler (1.6.4)
      bundler (~> 1.0)
      git (>= 1.2.5)
      rake
    macaddr (1.4.0)
      systemu (~> 2.2.0)
    mongo (1.3.1)
      bson (>= 1.3.1)
    mongoid (2.2.0)
      activemodel (~> 3.0)
      mongo (~> 1.3)
      tzinfo (~> 0.3.22)
    multi_json (1.0.3)
    rack (1.3.2)
    rack-cache (1.0.3)
      rack (>= 0.4)
    rack-mount (0.8.3)
      rack (>= 1.0.0)
    rack-ssl (1.3.2)
      rack
    rack-test (0.6.1)
      rack (>= 1.0)
    railties (3.1.0)
      actionpack (= 3.1.0)
      activesupport (= 3.1.0)
      rack-ssl (~> 1.3.2)
      rake (>= 0.8.7)
      rdoc (~> 3.4)
      thor (~> 0.14.6)
    rake (0.9.2)
    rdoc (3.9.4)
    rspec (2.6.0)
      rspec-core (~> 2.6.0)
      rspec-expectations (~> 2.6.0)
      rspec-mocks (~> 2.6.0)
    rspec-core (2.6.4)
    rspec-expectations (2.6.0)
      diff-lcs (~> 1.1.2)
    rspec-mocks (2.6.0)
    rspec-rails (2.6.1)
      actionpack (~> 3.0)
      activesupport (~> 3.0)
      railties (~> 3.0)
      rspec (~> 2.6.0)
    selectable_attr (0.3.14)
    selectable_attr_rails (0.3.14)
      actionpack (>= 2.0.2)
      actionpack (>= 2.0.2)
      activerecord (>= 2.0.2)
      activerecord (>= 2.0.2)
      activesupport (>= 2.0.2)
      activesupport (>= 2.0.2)
      selectable_attr (>= 0.3.11)
      selectable_attr (>= 0.3.11)
    simplecov (0.5.2)
      multi_json (~> 1.0.3)
      simplecov-html (~> 0.5.0)
    simplecov-html (0.5.0)
    sprockets (2.0.0)
      hike (~> 1.2)
      rack (~> 1.0)
      tilt (~> 1.1, != 1.3.0)
    systemu (2.2.0)
    tengine_event (0.2.2)
      activesupport (>= 3.0.0)
      amqp (~> 0.8)
      uuid (~> 2.3)
    thor (0.14.6)
    tilt (1.3.3)
    tzinfo (0.3.29)
    uuid (2.3.4)
      macaddr (~> 1.0)
    yard (0.7.2)

PLATFORMS
  ruby

DEPENDENCIES
  ZenTest (~> 4.4)
  activemodel (~> 3.1)
  activesupport (~> 3.1)
  bson_ext (~> 1.3)
  bundler (~> 1.0)
  daemons (~> 1.1)
  factory_girl (~> 2.1)
  jeweler (~> 1.6.4)
  mongoid (~> 2.2)
  rspec-rails (~> 2.6)
  selectable_attr (~> 0.3)
  selectable_attr_rails (~> 0.3)
  simplecov (~> 0.4)
  tengine_event (~> 0.2)
  yard (~> 0.7)
