GEM
  remote: http://bts.tenginefw.com/gemserver/
  remote: http://rubygems.org/
  specs:
    ZenTest (4.6.2)
    activemodel (3.1.2)
      activesupport (= 3.1.2)
      builder (~> 3.0.0)
      i18n (~> 0.6)
    activesupport (3.1.2)
      multi_json (~> 1.0)
    amq-client (0.8.6)
      amq-protocol (>= 0.8.4)
      eventmachine
    amq-protocol (0.8.4)
    amqp (0.8.3)
      amq-client (~> 0.8.6)
      amq-protocol (~> 0.8.4)
      eventmachine
    bson (1.4.0)
    bson_ext (1.4.0)
    builder (3.0.0)
    daemons (1.1.4)
    diff-lcs (1.1.3)
    eventmachine (0.12.10)
    factory_girl (2.1.2)
      activesupport
    git (1.2.5)
    i18n (0.6.0)
    jeweler (1.6.4)
      bundler (~> 1.0)
      git (>= 1.2.5)
      rake
    kramdown (0.13.3)
    macaddr (1.5.0)
      systemu (>= 2.4.0)
    mongo (1.4.0)
      bson (= 1.4.0)
    mongoid (2.3.3)
      activemodel (~> 3.1)
      mongo (~> 1.3)
      tzinfo (~> 0.3.22)
    multi_json (1.0.3)
    rake (0.9.2.2)
    rdiscount (1.6.8)
    rspec (2.6.0)
      rspec-core (~> 2.6.0)
      rspec-expectations (~> 2.6.0)
      rspec-mocks (~> 2.6.0)
    rspec-core (2.6.4)
    rspec-expectations (2.6.0)
      diff-lcs (~> 1.1.2)
    rspec-mocks (2.6.0)
    selectable_attr (0.3.15)
      i18n
    simplecov (0.5.4)
      multi_json (~> 1.0.3)
      simplecov-html (~> 0.5.3)
    simplecov-html (0.5.3)
    systemu (2.4.1)
    tengine_event (0.3.4)
      activesupport (>= 3.0.0)
      amqp (~> 0.8.0)
      uuid (~> 2.3.4)
    tengine_support (0.3.9)
      activesupport (>= 3.0.0)
    tzinfo (0.3.31)
    uuid (2.3.4)
      macaddr (~> 1.0)
    yard (0.7.3)

PLATFORMS
  ruby

DEPENDENCIES
  ZenTest (~> 4.6.2)
  activemodel (~> 3.1.0)
  activesupport (~> 3.1.0)
  bson (~> 1.4.0)
  bson_ext (~> 1.4.0)
  bundler (~> 1.0.18)
  daemons (~> 1.1.4)
  factory_girl (~> 2.1.2)
  jeweler (~> 1.6.4)
  kramdown
  mongo (~> 1.4.0)
  mongoid (~> 2.3.3)
  rdiscount
  rspec (~> 2.6.0)
  selectable_attr (~> 0.3.15)
  simplecov (~> 0.5.3)
  tengine_event (~> 0.3.3)
  tengine_support (~> 0.3.9)
  yard (~> 0.7.2)
